GIT
  remote: git://github.com/Ostrzy/activeadmin-mongoid.git
  revision: 1540a5c2eadd5ded991d438bbaa9c611393f9553
  specs:
    activeadmin-mongoid (0.0.1)
      activeadmin (~> 0.4)
      mongoid (>= 2.4)
      sass-rails (~> 3.1, >= 3.1.4)

GIT
  remote: git://github.com/kristianmandrup/delocalize.git
  revision: 26d3d9923808e5d1c27dea32171ef8a24794ab47
  specs:
    delocalize (0.3.1)
      rails (>= 3.0)

GIT
  remote: git://github.com/kristianmandrup/money-rails.git
  revision: f4d22417092893b4bb1cf7c39f7d7b9bdac17273
  specs:
    money-rails (0.0.4)
      activesupport (~> 3.0)
      money (~> 5.0)
      railties (~> 3.0)

GIT
  remote: git://github.com/kristianmandrup/money.git
  revision: 7aebda3d65c782cccffa5cd7390ac4e6b1d50388
  specs:
    money (5.2.0)
      i18n (~> 0.6.0)
      multi_json (~> 1.3.6)

GIT
  remote: git://github.com/mauriciozaffari/mongoid_search.git
  revision: e74882794e329b97ccc01bce5672ad93c1483fd4
  specs:
    mongoid_search (0.2.7)
      fast-stemmer (~> 1.0.0)
      mongoid (>= 3.0.0)

PATH
  remote: /Users/kmandrup/private/repos/Google-Maps-for-Rails
  specs:
    gmaps4rails (1.5.2)

PATH
  remote: /Users/kmandrup/private/repos/carrierwave-mongoid
  specs:
    carrierwave-mongoid (0.3.0.alpha)
      carrierwave (~> 0.6)
      mongoid (~> 3.0)
      mongoid-grid_fs (~> 1.3)

PATH
  remote: /Users/kmandrup/private/repos/geocoder
  specs:
    geocoder (1.1.2)

PATH
  remote: /Users/kmandrup/private/repos/mongoid_geospatial
  specs:
    mongoid_geospatial (1.0.1)
      activesupport (~> 3.0)
      mongoid (>= 2.0.0)
      rgeo (>= 0.3.5)

PATH
  remote: /Users/kmandrup/private/repos/phone
  specs:
    phone (1.1)

GEM
  remote: http://rubygems.org/
  specs:
    actionmailer (3.2.7)
      actionpack (= 3.2.7)
      mail (~> 2.4.4)
    actionpack (3.2.7)
      activemodel (= 3.2.7)
      activesupport (= 3.2.7)
      builder (~> 3.0.0)
      erubis (~> 2.7.0)
      journey (~> 1.0.4)
      rack (~> 1.4.0)
      rack-cache (~> 1.2)
      rack-test (~> 0.6.1)
      sprockets (~> 2.1.3)
    activeadmin (0.4.4)
      bourbon (>= 1.0.0)
      devise (>= 1.1.2)
      fastercsv
      formtastic (~> 2.1.1)
      inherited_resources (>= 1.3.1)
      jquery-rails (>= 1.0.0)
      kaminari (>= 0.13.0)
      meta_search (>= 0.9.2)
      rails (>= 3.0.0)
      sass (>= 3.1.0)
    activemodel (3.2.7)
      activesupport (= 3.2.7)
      builder (~> 3.0.0)
    activerecord (3.2.7)
      activemodel (= 3.2.7)
      activesupport (= 3.2.7)
      arel (~> 3.0.2)
      tzinfo (~> 0.3.29)
    activeresource (3.2.7)
      activemodel (= 3.2.7)
      activesupport (= 3.2.7)
    activesupport (3.2.7)
      i18n (~> 0.6)
      multi_json (~> 1.0)
    arel (3.0.2)
    bcrypt-ruby (3.0.1)
    bourbon (2.1.1)
      sass (>= 3.1)
    builder (3.0.0)
    cancan (1.6.7)
    carrierwave (0.6.2)
      activemodel (>= 3.2.0)
      activesupport (>= 3.2.0)
    chronic (0.6.7)
    chronic_duration (0.9.6)
      numerizer (~> 0.1.1)
    devise (2.1.2)
      bcrypt-ruby (~> 3.0)
      orm_adapter (~> 0.1)
      railties (~> 3.1)
      warden (~> 1.2.1)
    diff-lcs (1.1.3)
    erubis (2.7.0)
    fast-stemmer (1.0.1)
    fastercsv (1.5.5)
    formtastic (2.1.1)
      actionpack (~> 3.0)
    git (1.2.5)
    has_scope (0.5.1)
    hike (1.2.1)
    i18n (0.6.0)
    inherited_resources (1.3.1)
      has_scope (~> 0.5.0)
      responders (~> 0.6)
    jeweler (1.8.3)
      bundler (~> 1.0)
      git (>= 1.2.5)
      rake
      rdoc
    journey (1.0.4)
    jquery-rails (2.0.2)
      railties (>= 3.2.0, < 5.0)
      thor (~> 0.14)
    json (1.7.4)
    kaminari (0.13.0)
      actionpack (>= 3.0.0)
      activesupport (>= 3.0.0)
      railties (>= 3.0.0)
    mail (2.4.4)
      i18n (>= 0.4.0)
      mime-types (~> 1.16)
      treetop (~> 1.4.8)
    meta_search (1.1.3)
      actionpack (~> 3.1)
      activerecord (~> 3.1)
      activesupport (~> 3.1)
      polyamorous (~> 0.5.0)
    mime-types (1.19)
    mongoid (3.0.3)
      activemodel (~> 3.1)
      moped (~> 1.1)
      origin (~> 1.0)
      tzinfo (~> 0.3.22)
    mongoid-grid_fs (1.3.2)
      mime-types (~> 1.19)
      mongoid (~> 3.0)
    mongoid-rspec (1.5.1)
      mongoid (>= 3.0.1)
      rake
      rspec (>= 2.9)
    mongoid_fulltext (0.6.0)
      mongoid (~> 3.0.1)
      unicode_utils (~> 1.0.0)
    moped (1.2.0)
    multi_json (1.3.6)
    numerizer (0.1.1)
    origin (1.0.4)
    orm_adapter (0.4.0)
    polyamorous (0.5.0)
      activerecord (~> 3.0)
    polyglot (0.3.3)
    rack (1.4.1)
    rack-cache (1.2)
      rack (>= 0.4)
    rack-ssl (1.3.2)
      rack
    rack-test (0.6.1)
      rack (>= 1.0)
    rails (3.2.7)
      actionmailer (= 3.2.7)
      actionpack (= 3.2.7)
      activerecord (= 3.2.7)
      activeresource (= 3.2.7)
      activesupport (= 3.2.7)
      bundler (~> 1.0)
      railties (= 3.2.7)
    railties (3.2.7)
      actionpack (= 3.2.7)
      activesupport (= 3.2.7)
      rack-ssl (~> 1.3.2)
      rake (>= 0.8.7)
      rdoc (~> 3.4)
      thor (>= 0.14.6, < 2.0)
    rake (0.9.2.2)
    rdoc (3.12)
      json (~> 1.4)
    responders (0.9.2)
      railties (~> 3.1)
    rgeo (0.3.13)
    rspec (2.9.0)
      rspec-core (~> 2.9.0)
      rspec-expectations (~> 2.9.0)
      rspec-mocks (~> 2.9.0)
    rspec-core (2.9.0)
    rspec-expectations (2.9.1)
      diff-lcs (~> 1.1.3)
    rspec-mocks (2.9.0)
    sass (3.1.20)
    sass-rails (3.2.5)
      railties (~> 3.2.0)
      sass (>= 3.1.10)
      tilt (~> 1.3)
    simplecov (0.6.2)
      multi_json (~> 1.3)
      simplecov-html (~> 0.5.3)
    simplecov-html (0.5.3)
    spanner (0.0.2)
    sprockets (2.1.3)
      hike (~> 1.2)
      rack (~> 1.0)
      tilt (~> 1.1, != 1.3.0)
    thor (0.15.4)
    tilt (1.3.3)
    treetop (1.4.10)
      polyglot
      polyglot (>= 0.3.1)
    tzinfo (0.3.33)
    unicode_utils (1.0.0)
    warden (1.2.1)
      rack (>= 1.0)
    xduration (2.2.1)
      activesupport (>= 3.0.0)
      i18n

PLATFORMS
  ruby

DEPENDENCIES
  activeadmin-mongoid!
  bundler (>= 1.0.0)
  cancan
  carrierwave-mongoid (~> 0.3.0.alpha)!
  chronic
  chronic_duration
  delocalize!
  devise (>= 2.0)
  geocoder!
  gmaps4rails!
  jeweler (>= 1.8.3)
  money (>= 5.2)!
  money-rails (>= 0.0.2)!
  mongoid (~> 3.0.0)
  mongoid-rspec (~> 1.5)
  mongoid_fulltext
  mongoid_geospatial (~> 1.0.1)!
  mongoid_search (~> 0.2.7)!
  phone (~> 1.1)!
  rails (~> 3.2.7)
  rdoc (>= 3.12)
  rspec (>= 2.8.0)
  simplecov (>= 0.5)
  spanner
  xduration (~> 2.2)
